PATH
  remote: .
  specs:
    automatic_foreign_key (1.3.0)
      activerecord (>= 2)
      redhillonrails_core (~> 1.1)

GEM
  remote: http://rubygems.org/
  specs:
    activemodel (3.0.9)
      activesupport (= 3.0.9)
      builder (~> 2.1.2)
      i18n (~> 0.5.0)
    activerecord (3.0.9)
      activemodel (= 3.0.9)
      activesupport (= 3.0.9)
      arel (~> 2.0.10)
      tzinfo (~> 0.3.23)
    activesupport (3.0.9)
    arel (2.0.10)
    builder (2.1.2)
    diff-lcs (1.1.2)
    i18n (0.5.0)
    mysql (2.8.1)
    mysql2 (0.2.11)
    pg (0.10.0)
    rake (0.9.2)
    redhillonrails_core (1.1.2)
      activerecord
    rspec (2.6.0)
      rspec-core (~> 2.6.0)
      rspec-expectations (~> 2.6.0)
      rspec-mocks (~> 2.6.0)
    rspec-core (2.6.4)
    rspec-expectations (2.6.0)
      diff-lcs (~> 1.1.2)
    rspec-mocks (2.6.0)
    tzinfo (0.3.29)

PLATFORMS
  ruby

DEPENDENCIES
  activerecord (>= 2)
  automatic_foreign_key!
  mysql
  mysql2 (~> 0.2.11)
  pg
  rake
  redhillonrails_core (~> 1.1)
  rspec (~> 2.6.0)
